PATH
  remote: .
  specs:
    curator (0.3.2)
      activemodel (>= 3.0.0)
      activesupport (>= 3.0.0)
      json
      riak-client (>= 1.0.0)

GEM
  remote: http://rubygems.org/
  specs:
    activemodel (3.2.2)
      activesupport (= 3.2.2)
      builder (~> 3.0.0)
    activesupport (3.2.2)
      i18n (~> 0.6)
      multi_json (~> 1.0)
    beefcake (0.3.7)
    bson (1.6.0)
    bson_ext (1.6.0)
      bson (= 1.6.0)
    builder (3.0.0)
    diff-lcs (1.1.3)
    i18n (0.6.0)
    json (1.6.5)
    mongo (1.6.0)
      bson (= 1.6.0)
    multi_json (1.0.4)
    rake (0.9.2.2)
    rake_commit (0.12.0)
    riak-client (1.0.0)
      beefcake (~> 0.3.7)
      builder (>= 2.1.2)
      i18n (>= 0.4.0)
      multi_json (~> 1.0.0)
    rspec (2.8.0)
      rspec-core (~> 2.8.0)
      rspec-expectations (~> 2.8.0)
      rspec-mocks (~> 2.8.0)
    rspec-core (2.8.0)
    rspec-expectations (2.8.0)
      diff-lcs (~> 1.1.2)
    rspec-mocks (2.8.0)
    timecop (0.3.5)

PLATFORMS
  ruby

DEPENDENCIES
  bson_ext (= 1.6.0)
  curator!
  mongo (= 1.6.0)
  rake (= 0.9.2.2)
  rake_commit (= 0.12.0)
  rspec (= 2.8.0)
  timecop (= 0.3.5)
